GEM
  remote: http://rubygems.org/
  specs:
    chronic (0.3.0)
    xml-simple (1.0.14)

PLATFORMS
  ruby

DEPENDENCIES
  chronic
  xml-simple
